GIT
  remote: git://github.com/carrierwaveuploader/carrierwave.git
  revision: b31f7ce006bade550be0ad946d0b993b799358e3
  branch: b31f7ce006bade550be0ad946d0b993b799358e3
  specs:
    carrierwave (0.11.0)
      activemodel (>= 4.0.0)
      activesupport (>= 4.0.0)
      mime-types (>= 1.16)

GEM
  remote: https://rubygems.org/
  specs:
    actionmailer (4.2.7)
      actionpack (= 4.2.7)
      actionview (= 4.2.7)
      activejob (= 4.2.7)
      mail (~> 2.5, >= 2.5.4)
      rails-dom-testing (~> 1.0, >= 1.0.5)
    actionpack (4.2.7)
      actionview (= 4.2.7)
      activesupport (= 4.2.7)
      rack (~> 1.6)
      rack-test (~> 0.6.2)
      rails-dom-testing (~> 1.0, >= 1.0.5)
      rails-html-sanitizer (~> 1.0, >= 1.0.2)
    actionview (4.2.7)
      activesupport (= 4.2.7)
      builder (~> 3.1)
      erubis (~> 2.7.0)
      rails-dom-testing (~> 1.0, >= 1.0.5)
      rails-html-sanitizer (~> 1.0, >= 1.0.2)
    activejob (4.2.7)
      activesupport (= 4.2.7)
      globalid (>= 0.3.0)
    activemodel (4.2.7)
      activesupport (= 4.2.7)
      builder (~> 3.1)
    activerecord (4.2.7)
      activemodel (= 4.2.7)
      activesupport (= 4.2.7)
      arel (~> 6.0)
    activesupport (4.2.7)
      i18n (~> 0.7)
      json (~> 1.7, >= 1.7.7)
      minitest (~> 5.1)
      thread_safe (~> 0.3, >= 0.3.4)
      tzinfo (~> 1.1)
    annotate (2.7.0)
      activerecord (>= 3.2, < 6.0)
      rake (~> 10.4)
    arel (6.0.3)
    autoprefixer-rails (6.3.3.1)
      execjs
    awesome_print (1.6.1)
    babel-source (5.8.35)
    babel-transpiler (0.7.0)
      babel-source (>= 4.0, < 6)
      execjs (~> 2.0)
    bcrypt (3.1.11)
    better_errors (2.1.1)
      coderay (>= 1.0.0)
      erubis (>= 2.6.6)
      rack (>= 0.9.0)
    binding_of_caller (0.7.2)
      debug_inspector (>= 0.0.1)
    bootstrap-datepicker-rails (1.6.0.1)
      railties (>= 3.0)
    bootstrap-sass (3.3.6)
      autoprefixer-rails (>= 5.2.1)
      sass (>= 3.3.4)
    builder (3.2.2)
    byebug (8.2.2)
    cocoon (1.2.9)
    coderay (1.1.1)
    coffee-rails (4.1.1)
      coffee-script (>= 2.2.0)
      railties (>= 4.0.0, < 5.1.x)
    coffee-script (2.4.1)
      coffee-script-source
      execjs
    coffee-script-source (1.10.0)
    concurrent-ruby (1.0.2)
    connection_pool (2.2.0)
    debug_inspector (0.0.2)
    diff-lcs (1.2.5)
    dotenv (2.1.1)
    dotenv-rails (2.1.1)
      dotenv (= 2.1.1)
      railties (>= 4.0, < 5.1)
    erubis (2.7.0)
    excon (0.49.0)
    execjs (2.6.0)
    factory_girl (4.7.0)
      activesupport (>= 3.0.0)
    factory_girl_rails (4.7.0)
      factory_girl (~> 4.7.0)
      railties (>= 3.0.0)
    ffaker (2.2.0)
    ffi (1.9.10)
    fog-aws (0.9.3)
      fog-core (~> 1.38)
      fog-json (~> 1.0)
      fog-xml (~> 0.1)
      ipaddress (~> 0.8)
    fog-core (1.40.0)
      builder
      excon (~> 0.49)
      formatador (~> 0.2)
    fog-json (1.0.2)
      fog-core (~> 1.0)
      multi_json (~> 1.10)
    fog-xml (0.1.2)
      fog-core
      nokogiri (~> 1.5, >= 1.5.11)
    font-awesome-rails (4.5.0.0)
      railties (>= 3.2, < 5.0)
    formatador (0.2.5)
    globalid (0.3.6)
      activesupport (>= 4.1.0)
    guard (2.14.0)
      formatador (>= 0.2.4)
      listen (>= 2.7, < 4.0)
      lumberjack (~> 1.0)
      nenv (~> 0.1)
      notiffany (~> 0.0)
      pry (>= 0.9.12)
      shellany (~> 0.0)
      thor (>= 0.18.1)
    guard-compat (1.2.1)
    guard-rspec (4.7.2)
      guard (~> 2.1)
      guard-compat (~> 1.1)
      rspec (>= 2.99.0, < 4.0)
    haml (4.0.6)
      tilt
    hirb (0.7.3)
    hirb-unicode (0.0.5)
      hirb (~> 0.5)
      unicode-display_width (~> 0.1.1)
    i18n (0.7.0)
    ipaddress (0.8.3)
    jbuilder (2.4.1)
      activesupport (>= 3.0.0, < 5.1)
      multi_json (~> 1.2)
    jquery-rails (4.1.1)
      rails-dom-testing (>= 1, < 3)
      railties (>= 4.2.0)
      thor (>= 0.14, < 2.0)
    jquery-ui-rails (5.0.5)
      railties (>= 3.2.16)
    json (1.8.3)
    kaminari (0.16.3)
      actionpack (>= 3.0.0)
      activesupport (>= 3.0.0)
    listen (3.1.5)
      rb-fsevent (~> 0.9, >= 0.9.4)
      rb-inotify (~> 0.9, >= 0.9.7)
      ruby_dep (~> 1.2)
    lodash-rails (4.13.1)
      railties (>= 3.1)
    lograge (0.3.6)
      actionpack (>= 3)
      activesupport (>= 3)
      railties (>= 3)
    loofah (2.0.3)
      nokogiri (>= 1.5.9)
    lumberjack (1.0.10)
    mail (2.6.4)
      mime-types (>= 1.16, < 4)
    method_source (0.8.2)
    mime-types (3.1)
      mime-types-data (~> 3.2015)
    mime-types-data (3.2016.0521)
    mini_magick (4.5.1)
    mini_portile2 (2.1.0)
    minitest (5.9.0)
    momentjs-rails (2.11.0)
      railties (>= 3.1)
    multi_json (1.11.2)
    nenv (0.3.0)
    nested_form (0.3.2)
    nokogiri (1.6.8)
      mini_portile2 (~> 2.1.0)
      pkg-config (~> 1.1.7)
    notiffany (0.1.0)
      nenv (~> 0.1)
      shellany (~> 0.0)
    pg (0.18.4)
    pkg-config (1.1.7)
    pry (0.10.3)
      coderay (~> 1.1.0)
      method_source (~> 0.8.1)
      slop (~> 3.4)
    rack (1.6.4)
    rack-pjax (0.8.0)
      nokogiri (~> 1.5)
      rack (~> 1.1)
    rack-test (0.6.3)
      rack (>= 1.0)
    rails (4.2.7)
      actionmailer (= 4.2.7)
      actionpack (= 4.2.7)
      actionview (= 4.2.7)
      activejob (= 4.2.7)
      activemodel (= 4.2.7)
      activerecord (= 4.2.7)
      activesupport (= 4.2.7)
      bundler (>= 1.3.0, < 2.0)
      railties (= 4.2.7)
      sprockets-rails
    rails-deprecated_sanitizer (1.0.3)
      activesupport (>= 4.2.0.alpha)
    rails-dom-testing (1.0.7)
      activesupport (>= 4.2.0.beta, < 5.0)
      nokogiri (~> 1.6.0)
      rails-deprecated_sanitizer (>= 1.0.1)
    rails-html-sanitizer (1.0.3)
      loofah (~> 2.0)
    rails_12factor (0.0.3)
      rails_serve_static_assets
      rails_stdout_logging
    rails_admin (0.8.1)
      builder (~> 3.1)
      coffee-rails (~> 4.0)
      font-awesome-rails (>= 3.0, < 5)
      haml (~> 4.0)
      jquery-rails (>= 3.0, < 5)
      jquery-ui-rails (~> 5.0)
      kaminari (~> 0.14)
      nested_form (~> 0.3)
      rack-pjax (~> 0.7)
      rails (~> 4.0)
      remotipart (~> 1.0)
      safe_yaml (~> 1.0)
      sass-rails (>= 4.0, < 6)
    rails_serve_static_assets (0.0.5)
    rails_stdout_logging (0.0.5)
    railties (4.2.7)
      actionpack (= 4.2.7)
      activesupport (= 4.2.7)
      rake (>= 0.8.7)
      thor (>= 0.18.1, < 2.0)
    rake (10.5.0)
    rb-fsevent (0.9.7)
    rb-inotify (0.9.7)
      ffi (>= 0.5.0)
    rdoc (4.2.2)
      json (~> 1.4)
    react-rails (1.7.2)
      babel-transpiler (>= 0.7.0)
      coffee-script-source (~> 1.8)
      connection_pool
      execjs
      rails (>= 3.2)
      tilt
    remotipart (1.2.1)
    rspec (3.4.0)
      rspec-core (~> 3.4.0)
      rspec-expectations (~> 3.4.0)
      rspec-mocks (~> 3.4.0)
    rspec-core (3.4.1)
      rspec-support (~> 3.4.0)
    rspec-expectations (3.4.0)
      diff-lcs (>= 1.2.0, < 2.0)
      rspec-support (~> 3.4.0)
    rspec-mocks (3.4.1)
      diff-lcs (>= 1.2.0, < 2.0)
      rspec-support (~> 3.4.0)
    rspec-rails (3.4.2)
      actionpack (>= 3.0, < 4.3)
      activesupport (>= 3.0, < 4.3)
      railties (>= 3.0, < 4.3)
      rspec-core (~> 3.4.0)
      rspec-expectations (~> 3.4.0)
      rspec-mocks (~> 3.4.0)
      rspec-support (~> 3.4.0)
    rspec-support (3.4.1)
    ruby_dep (1.3.1)
    safe_yaml (1.0.4)
    sass (3.4.21)
    sass-rails (5.0.4)
      railties (>= 4.0.0, < 5.0)
      sass (~> 3.1)
      sprockets (>= 2.8, < 4.0)
      sprockets-rails (>= 2.0, < 4.0)
      tilt (>= 1.1, < 3)
    sdoc (0.4.1)
      json (~> 1.7, >= 1.7.7)
      rdoc (~> 4.0)
    shellany (0.0.1)
    simple_form (3.2.1)
      actionpack (> 4, < 5.1)
      activemodel (> 4, < 5.1)
    slop (3.6.0)
    spring (1.6.4)
    sprockets (3.6.3)
      concurrent-ruby (~> 1.0)
      rack (> 1, < 3)
    sprockets-rails (3.1.1)
      actionpack (>= 4.0)
      activesupport (>= 4.0)
      sprockets (>= 3.0.0)
    thor (0.19.1)
    thread_safe (0.3.5)
    tilt (2.0.2)
    tzinfo (1.2.2)
      thread_safe (~> 0.1)
    uglifier (2.7.2)
      execjs (>= 0.3.0)
      json (>= 1.8.0)
    unicode-display_width (0.1.1)
    vuejs-rails (1.0.24)
    web-console (3.1.1)
      activemodel (>= 4.2)
      debug_inspector
      railties (>= 4.2)
    xray-rails (0.1.18)
      coffee-rails
      rails (>= 3.1.0)

PLATFORMS
  ruby

DEPENDENCIES
  annotate (= 2.7.0)
  awesome_print (= 1.6.1)
  bcrypt (= 3.1.11)
  better_errors (= 2.1.1)
  binding_of_caller (= 0.7.2)
  bootstrap-datepicker-rails (= 1.6.0.1)
  bootstrap-sass (= 3.3.6)
  byebug (= 8.2.2)
  carrierwave!
  cocoon (= 1.2.9)
  dotenv-rails (= 2.1.1)
  factory_girl_rails (= 4.7.0)
  ffaker (= 2.2.0)
  fog-aws (= 0.9.3)
  font-awesome-rails (= 4.5.0.0)
  guard-rspec (= 4.7.2)
  hirb (= 0.7.3)
  hirb-unicode (= 0.0.5)
  jbuilder (= 2.4.1)
  jquery-rails (= 4.1.1)
  lodash-rails (= 4.13.1)
  lograge (= 0.3.6)
  mini_magick (= 4.5.1)
  momentjs-rails (= 2.11.0)
  pg (= 0.18.4)
  rails (= 4.2.7)
  rails_12factor
  rails_admin (= 0.8.1)
  react-rails (= 1.7.2)
  rspec-rails (= 3.4.2)
  sass-rails (= 5.0.4)
  sdoc (~> 0.4.0)
  simple_form (= 3.2.1)
  spring (= 1.6.4)
  uglifier (= 2.7.2)
  vuejs-rails (= 1.0.24)
  web-console (= 3.1.1)
  xray-rails (= 0.1.18)

RUBY VERSION
   ruby 2.3.1p112

BUNDLED WITH
   1.12.5
